GEM
  remote: https://rubygems.org/
  specs:
    dotenv (2.2.1)
    ffi (1.9.18)
    intercom (3.5.14)
      json (>= 1.8)
    json (2.1.0)
    listen (3.1.5)
      rb-fsevent (~> 0.9, >= 0.9.4)
      rb-inotify (~> 0.9, >= 0.9.7)
      ruby_dep (~> 1.2)
    rack (1.6.8)
    rack-protection (1.5.3)
      rack
    rb-fsevent (0.9.8)
    rb-inotify (0.9.8)
      ffi (>= 0.5.0)
    rerun (0.11.0)
      listen (~> 3.0)
    ruby_dep (1.5.0)
    sinatra (1.4.7)
      rack (~> 1.5)
      rack-protection (~> 1.4)
      tilt (>= 1.3, < 3)
    tilt (2.0.7)

PLATFORMS
  ruby

DEPENDENCIES
  dotenv
  intercom
  rerun (= 0.11.0)
  sinatra (= 1.4.7)

RUBY VERSION
   ruby 2.3.1p112

BUNDLED WITH
   1.13.7
